GEM
  remote: https://rubygems.org/
  specs:
    rake (10.3.2)
    sass (3.3.10)
    sassy-maps (0.4.0)
      sass (~> 3.3)

PLATFORMS
  ruby

DEPENDENCIES
  rake (~> 10.3.2)
  sass (~> 3.3.10)
  sassy-maps (~> 0.4.0)
